PATH
  remote: .
  specs:
    genevalidator (2.1.11)
      bio (~> 1.4)
      bio-blastxmlparser (~> 2.0)
      genevalidatorapp (~> 2.1.8)
      ncbi-blast-dbs (= 0.0.6)
      rack (~> 2.0)
      slim (~> 3.0)
      statsample (= 2.1.0)

GEM
  remote: http://rubygems.org/
  specs:
    awesome_print (1.9.2)
    backports (3.21.0)
    bio (1.5.2)
    bio-blastxmlparser (2.0.4)
      bio-logger
      nokogiri
    bio-logger (1.0.1)
      log4r (>= 1.1.9)
    clbustos-rtf (0.4.2)
    daru (0.1.6)
      backports
    dirty-memoize (0.0.4)
    distribution (0.8.0)
    docile (1.3.1)
    extendmatrix (0.4)
    genevalidatorapp (2.1.8)
      bio (~> 1.4)
      sinatra (~> 2.0)
      sinatra-cross_origin (~> 0.3)
      slim (~> 3.0)
    json (2.1.0)
    log4r (1.1.10)
    mini_portile2 (2.4.0)
    minimization (0.2.5)
      text-table (~> 1.2)
    minitest (5.11.3)
    mustermann (1.1.1)
      ruby2_keywords (~> 0.0.1)
    ncbi-blast-dbs (0.0.6)
      rake (~> 10.3, >= 10.3.2)
    nokogiri (1.10.10)
      mini_portile2 (~> 2.4.0)
    prawn (0.8.4)
      prawn-core (>= 0.8.4, < 0.9)
      prawn-layout (>= 0.8.4, < 0.9)
      prawn-security (>= 0.8.4, < 0.9)
    prawn-core (0.8.4)
    prawn-layout (0.8.4)
    prawn-security (0.8.4)
    prawn-svg (0.9.1.11)
      prawn (>= 0.8.4)
    rack (2.2.3)
    rack-protection (2.1.0)
      rack
    rake (10.5.0)
    reportbuilder (1.4.2)
      clbustos-rtf (~> 0.4.0)
      prawn (~> 0.8.4)
      prawn-svg (~> 0.9.1)
      text-table (~> 1.2)
    rserve-client (0.3.5)
    ruby-ole (1.2.12.2)
    ruby2_keywords (0.0.4)
    rubyvis (0.6.1)
    simplecov (0.16.1)
      docile (~> 1.1)
      json (>= 1.8, < 3)
      simplecov-html (~> 0.10.0)
    simplecov-html (0.10.2)
    sinatra (2.1.0)
      mustermann (~> 1.0)
      rack (~> 2.2)
      rack-protection (= 2.1.0)
      tilt (~> 2.0)
    sinatra-cross_origin (0.4.0)
    slim (3.0.9)
      temple (>= 0.7.6, < 0.9)
      tilt (>= 1.3.3, < 2.1)
    spreadsheet (1.2.9)
      ruby-ole
    statsample (2.1.0)
      awesome_print (~> 1.6)
      daru (~> 0.1.6)
      dirty-memoize (~> 0.0.4)
      distribution (~> 0.7)
      extendmatrix (~> 0.4)
      minimization (~> 0.2)
      reportbuilder (~> 1.4)
      rserve-client (~> 0.3)
      rubyvis (~> 0.6.1)
      spreadsheet (~> 1.1)
    temple (0.8.2)
    text-table (1.2.4)
    tilt (2.0.10)
    yard (0.9.36)

PLATFORMS
  ruby

DEPENDENCIES
  genevalidator!
  minitest (~> 5.10)
  rake (~> 10.3, >= 10.3.2)
  simplecov
  yard (~> 0.9.11)

BUNDLED WITH
   1.17.3
